GEM
  remote: https://rubygems.org/
  specs:
    coderay (1.1.2)
    method_source (0.9.2)
    pry (0.12.2)
      coderay (~> 1.1.0)
      method_source (~> 0.9.0)
    rb_heap (1.0.0)

PLATFORMS
  ruby

DEPENDENCIES
  pry
  rb_heap

BUNDLED WITH
   1.16.6
